GEM
  remote: http://rubygems.org/
  specs:
    activesupport (3.2.1)
      i18n (~> 0.6)
      multi_json (~> 1.0)
    addressable (2.2.6)
    daemons (1.1.5)
    eventmachine (0.12.10)
    haml (3.1.4)
    heroku (2.19.2)
      launchy (>= 0.3.2)
      rest-client (~> 1.6.1)
      rubyzip
      term-ansicolor (~> 1.0.5)
    i18n (0.6.0)
    launchy (2.0.5)
      addressable (~> 2.2.6)
    mime-types (1.17.2)
    multi_json (1.1.0)
    rack (1.4.1)
    rack-protection (1.2.0)
      rack
    rest-client (1.6.7)
      mime-types (>= 1.16)
    rubyzip (0.9.5)
    sass (3.1.15)
    sinatra (1.3.2)
      rack (~> 1.3, >= 1.3.6)
      rack-protection (~> 1.2)
      tilt (~> 1.3, >= 1.3.3)
    term-ansicolor (1.0.7)
    thin (1.3.1)
      daemons (>= 1.0.9)
      eventmachine (>= 0.12.6)
      rack (>= 1.0.0)
    tilt (1.3.3)

PLATFORMS
  ruby

DEPENDENCIES
  activesupport
  haml
  heroku
  sass
  sinatra
  thin
